GEM
  remote: https://rubygems.org/
  specs:
    adsf (1.2.1)
      rack (>= 1.0.0)
    autoprefixer-rails (6.7.5)
      execjs
    bootstrap (4.0.0.alpha6)
      autoprefixer-rails (>= 6.0.3)
      sass (>= 3.4.19)
    chunky_png (1.3.8)
    coderay (1.1.1)
    colored (1.2)
    compass (1.0.3)
      chunky_png (~> 1.2)
      compass-core (~> 1.0.2)
      compass-import-once (~> 1.0.5)
      rb-fsevent (>= 0.9.3)
      rb-inotify (>= 0.9)
      sass (>= 3.3.13, < 3.5)
    compass-core (1.0.3)
      multi_json (~> 1.0)
      sass (>= 3.3.0, < 3.5)
    compass-import-once (1.0.5)
      sass (>= 3.2, < 3.5)
    concurrent-ruby (1.0.4)
    cri (2.7.1)
      colored (~> 1.2)
    ddplugin (1.0.0)
    execjs (2.7.0)
    ffi (1.9.17)
    hamster (3.0.0)
      concurrent-ruby (~> 1.0)
    kramdown (1.13.2)
    method_source (0.8.2)
    multi_json (1.12.1)
    nanoc (4.6.1)
      cri (~> 2.3)
      ddplugin (~> 1.0)
      hamster (~> 3.0)
      ref (~> 2.0)
    pry (0.10.4)
      coderay (~> 1.1.0)
      method_source (~> 0.8.1)
      slop (~> 3.4)
    rack (2.0.1)
    rb-fsevent (0.9.8)
    rb-inotify (0.9.8)
      ffi (>= 0.5.0)
    ref (2.0.0)
    sass (3.4.23)
    slop (3.6.0)

PLATFORMS
  ruby

DEPENDENCIES
  adsf
  bootstrap (= 4.0.0.alpha6)
  compass
  kramdown
  nanoc
  pry

BUNDLED WITH
   1.14.5
